PATH
  remote: ..
  specs:
    forklift_etl (1.0.3)
      activesupport (~> 4.0, >= 4.0.0)
      elasticsearch (~> 1.0, >= 1.0.0)
      lumberjack (~> 1.0, >= 1.0.0)
      mysql2 (~> 0.0, >= 0.0.1)
      pony (~> 1.0, >= 1.0.0)

GEM
  remote: https://rubygems.org/
  specs:
    activesupport (4.2.11.3)
      i18n (~> 0.7)
      minitest (~> 5.1)
      thread_safe (~> 0.3, >= 0.3.4)
      tzinfo (~> 1.1)
    concurrent-ruby (1.1.10)
    elasticsearch (1.1.3)
      elasticsearch-api (= 1.1.3)
      elasticsearch-transport (= 1.1.3)
    elasticsearch-api (1.1.3)
      multi_json
    elasticsearch-transport (1.1.3)
      faraday
      multi_json
    faraday (2.3.0)
      faraday-net_http (~> 2.0)
      ruby2_keywords (>= 0.0.4)
    faraday-net_http (2.0.3)
    i18n (0.9.5)
      concurrent-ruby (~> 1.0)
    lumberjack (1.2.8)
    mail (2.7.1)
      mini_mime (>= 0.1.1)
    mini_mime (1.1.2)
    minitest (5.16.2)
    multi_json (1.15.0)
    mysql2 (0.5.4)
    pony (1.13.1)
      mail (>= 2.0)
    ruby2_keywords (0.0.5)
    thread_safe (0.3.6)
    tzinfo (1.2.10)
      thread_safe (~> 0.1)

PLATFORMS
  ruby

DEPENDENCIES
  forklift_etl!
